PATH
  remote: .
  specs:
    Peppermill (0.0.1)

GEM
  remote: https://rubygems.org/
  specs:
    amq-protocol (1.8.0)
    bunny (0.10.7)
      amq-protocol (>= 1.6.0)
    cinch (2.0.9)
    daemons (1.1.9)
    dotenv (0.9.0)
    json (2.3.1)
    mime-types (1.25)
    rake (10.1.0)
    rest-client (1.6.7)
      mime-types (>= 1.16)

PLATFORMS
  ruby

DEPENDENCIES
  Peppermill!
  bundler (~> 1.3)
  bunny
  cinch
  daemons
  dotenv
  json
  rake
  rest-client
