PATH
  remote: .
  specs:
    Peppermill (0.0.1)

GEM
  remote: https://rubygems.org/
  specs:
    amq-protocol (1.8.0)
    bunny (0.10.7)
      amq-protocol (>= 1.6.0)
    cinch (2.0.9)
    daemons (1.1.9)
    domain_name (0.5.20190701)
      unf (>= 0.0.5, < 1.0.0)
    dotenv (0.9.0)
    http-accept (1.7.0)
    http-cookie (1.0.3)
      domain_name (~> 0.5)
    json (1.8.0)
    mime-types (3.3)
      mime-types-data (~> 3.2015)
    mime-types-data (3.2019.1009)
    netrc (0.11.0)
    rake (10.1.0)
    rest-client (2.1.0)
      http-accept (>= 1.7.0, < 2.0)
      http-cookie (>= 1.0.2, < 2.0)
      mime-types (>= 1.16, < 4.0)
      netrc (~> 0.8)
    unf (0.1.4)
      unf_ext
    unf_ext (0.0.7.6)

PLATFORMS
  ruby

DEPENDENCIES
  Peppermill!
  bundler (~> 1.3)
  bunny
  cinch
  daemons
  dotenv
  json
  rake
  rest-client
